PATH
  remote: .
  specs:
    bropages (0.1.0)
      commander (= 4.4.7)
      highline (~> 2.0.1)
      json_pure (= 1.8.1)
      mime-types (~> 1.19.0)
      rest-client (<= 1.7.0)
      smart_colored

GEM
  remote: https://rubygems.org/
  specs:
    commander (4.4.7)
      highline (~> 2.0.0)
    diff-lcs (1.2.5)
    highline (2.0.1)
    json_pure (1.8.1)
    mime-types (1.19)
    rake (10.1.0)
    rest-client (1.6.9)
      mime-types (~> 1.16)
    rspec (2.14.1)
      rspec-core (~> 2.14.0)
      rspec-expectations (~> 2.14.0)
      rspec-mocks (~> 2.14.0)
    rspec-core (2.14.7)
    rspec-expectations (2.14.4)
      diff-lcs (>= 1.1.3, < 2.0)
    rspec-mocks (2.14.4)
    smart_colored (1.1.1)

PLATFORMS
  ruby

DEPENDENCIES
  bropages!
  rake
  rspec

BUNDLED WITH
   1.17.3
